GEM
  remote: https://rubygems.org/
  specs:
    gosu (0.14.5)
    thor (1.0.1)

PLATFORMS
  ruby

DEPENDENCIES
  gosu
  thor

BUNDLED WITH
   1.17.2
